GEM
  remote: https://rubygems.org/
  specs:
    libxml-ruby (2.9.0)
    mini_portile2 (2.4.0)
    minitest (5.11.3)
    nokogiri (1.10.1)
      mini_portile2 (~> 2.4.0)
    ratom (0.9.0)
      libxml-ruby (~> 2.6)

PLATFORMS
  ruby

DEPENDENCIES
  minitest
  nokogiri
  ratom

BUNDLED WITH
   2.0.1
